PATH
  remote: .
  specs:
    gridion (0.0.1)

GEM
  remote: http://rubygems.org/
  specs:
    sqlite3 (1.3.4)

PLATFORMS
  ruby

DEPENDENCIES
  gridion!
  sqlite3
